PATH
  remote: .
  specs:
    FlightFinder (0.1.0)

GEM
  remote: https://rubygems.org/
  specs:
    rake (12.0.0)

PLATFORMS
  x64-mingw32

DEPENDENCIES
  FlightFinder!
  bundler (~> 1.16)
  rake

BUNDLED WITH
   1.16.3
