GEM
  remote: https://rubygems.org/
  specs:
    mini_portile2 (2.3.0)
    nokogiri (1.8.4-x64-mingw32)
      mini_portile2 (~> 2.3.0)
    rake (12.0.0)

PLATFORMS
  x64-mingw32

DEPENDENCIES
  nokogiri
  rake

BUNDLED WITH
   1.16.3
